PATH
  remote: .
  specs:
    nanogl (0.1.0)

GEM
  remote: https://rubygems.org/
  specs:
    ffi (1.9.10-x86-mingw32)
    rake (10.4.2)

PLATFORMS
  x86-mingw32

DEPENDENCIES
  bundler (~> 1.10)
  ffi (>= 1.9.10)
  nanogl!
  rake (~> 10.0)

BUNDLED WITH
   1.10.6
